GEM
  remote: https://rubygems.org/
  specs:
    committee (0.4)
      multi_json (> 0.0)
      rack (> 0.0)
    excon (0.31.0)
    execjs (2.0.2)
    hike (1.2.3)
    json (1.8.1)
    multi_json (1.7.7)
    oj (2.1.4)
    puma (2.7.1)
      rack (>= 1.1, < 2.0)
    rack (1.5.2)
    rack-cache (1.2)
      rack (>= 0.4)
    rack-instruments (0.3.2)
      slides (~> 0.2.0)
    rack-protection (1.5.2)
      rack
    sass (3.2.13)
    sinatra (1.4.4)
      rack (~> 1.4)
      rack-protection (~> 1.4)
      tilt (~> 1.3, >= 1.3.4)
    sinatra-router (0.2.3)
      sinatra (~> 1.4)
    slides (0.2.0)
    slim (2.0.2)
      temple (~> 0.6.6)
      tilt (>= 1.3.3, < 2.1)
    sprockets (2.10.1)
      hike (~> 1.2)
      multi_json (~> 1.0)
      rack (~> 1.0)
      tilt (~> 1.1, != 1.3.0)
    temple (0.6.7)
    tilt (1.4.1)
    uglifier (2.4.0)
      execjs (>= 0.3.0)
      json (>= 1.8.0)
    yui-compressor (0.12.0)

PLATFORMS
  ruby

DEPENDENCIES
  committee
  excon
  multi_json
  oj
  puma
  rack
  rack-cache
  rack-instruments
  sass
  sinatra
  sinatra-router
  slim
  sprockets
  uglifier
  yui-compressor
