GEM
  remote: https://rubygems.org/
  specs:
    committee (0.4)
      multi_json (> 0.0)
      rack (> 0.0)
    excon (0.31.0)
    multi_json (1.7.7)
    oj (2.1.4)
    puma (2.7.1)
      rack (>= 1.1, < 2.0)
    rack (1.5.2)
    rack-protection (1.5.2)
      rack
    sass (3.2.13)
    sinatra (1.4.4)
      rack (~> 1.4)
      rack-protection (~> 1.4)
      tilt (~> 1.3, >= 1.3.4)
    slim (2.0.2)
      temple (~> 0.6.6)
      tilt (>= 1.3.3, < 2.1)
    temple (0.6.7)
    tilt (1.4.1)

PLATFORMS
  ruby

DEPENDENCIES
  committee
  excon
  multi_json
  oj
  puma
  rack
  sass
  sinatra
  slim
