GEM
  remote: https://rubygems.org/
  specs:
    excon (0.31.0)
    multi_json (1.7.7)
    oj (2.1.4)
    puma (2.7.1)
      rack (>= 1.1, < 2.0)
    rack (1.5.2)
    sass (3.2.13)
    sinatra (1.0)
      rack (>= 1.0)
    slim (2.0.2)
      temple (~> 0.6.6)
      tilt (>= 1.3.3, < 2.1)
    temple (0.6.7)
    tilt (1.4.1)

PLATFORMS
  ruby

DEPENDENCIES
  excon
  multi_json
  oj
  puma
  rack
  sass
  sinatra
  slim
  tilt (~> 1.4.1)
